GEM
  remote: http://rubygems.org/
  specs:
    activesupport (3.0.6)
    i18n (0.5.0)

PLATFORMS
  ruby

DEPENDENCIES
  activesupport (= 3.0.6)
  i18n
