GEM
  remote: http://rubygems.org/
  specs:
    activesupport (4.2.5)
      i18n (~> 0.7)
      json (~> 1.7, >= 1.7.7)
      minitest (~> 5.1)
      thread_safe (~> 0.3, >= 0.3.4)
      tzinfo (~> 1.1)
    concurrent-ruby (1.0.5)
    fattr (2.4.0)
    i18n (0.9.1)
      concurrent-ruby (~> 1.0)
    json (1.8.6)
    minitest (5.10.3)
    thread_safe (0.3.6)
    tzinfo (1.2.4)
      thread_safe (~> 0.1)

PLATFORMS
  ruby

DEPENDENCIES
  activesupport (~> 4.1)
  fattr
  i18n (~> 0.9)

BUNDLED WITH
   1.16.1
